PATH
  remote: .
  specs:
    lox (0.0.1)

GEM
  remote: https://rubygems.org/
  specs:
    metaclass (0.0.4)
    mocha (1.1.0)
      metaclass (~> 0.0.1)

PLATFORMS
  ruby

DEPENDENCIES
  bundler (~> 1.3)
  lox!
  mocha (~> 1.1)
